ObjectType = Image
NDims = 3
BinaryData = True
BinaryDataByteOrderMSB = False
CompressedData = False
TransformMatrix = 1 0 0 0 1 0 0 0 1
Offset = -121.153 -75.1642 -71.5725
CenterOfRotation = 0 0 0
AnatomicalOrientation = RPI
ElementSpacing = 0.700001 0.364583 0.364584
DimSize = 160 384 384
ElementType = MET_UCHAR
ElementDataFile = 9003430.segmentation_masks.raw
