ObjectType = Image
NDims = 3
BinaryData = True
BinaryDataByteOrderMSB = False
CompressedData = False
TransformMatrix = 1 0 0 0 1 0 0 0 1
Offset = -135.619 -87.7175 -67.6984
CenterOfRotation = 0 0 0
AnatomicalOrientation = RPI
ElementSpacing = 0.700001 0.364583 0.364583
DimSize = 160 384 384
ElementType = MET_UCHAR
ElementDataFile = 9006723.segmentation_masks.raw
