ObjectType = Image
NDims = 3
BinaryData = True
BinaryDataByteOrderMSB = False
CompressedData = False
TransformMatrix = 1 0 0 0 1 0 0 0 1
Offset = -136.362 -70.4289 -54.6233
CenterOfRotation = 0 0 0
AnatomicalOrientation = RPI
ElementSpacing = 0.699997 0.364583 0.364583
DimSize = 160 384 384
ElementType = MET_UCHAR
ElementDataFile = 9012867.segmentation_masks.raw
