ObjectType = Image
NDims = 3
BinaryData = True
BinaryDataByteOrderMSB = False
CompressedData = False
TransformMatrix = 1 0 0 0 1 0 0 0 1
Offset = -108.888 -84.2691 -59.4659
CenterOfRotation = 0 0 0
AnatomicalOrientation = RPI
ElementSpacing = 0.700002 0.364583 0.364583
DimSize = 160 384 384
ElementType = MET_UCHAR
ElementDataFile = 9013798.segmentation_masks.raw
