ObjectType = Image
NDims = 3
BinaryData = True
BinaryDataByteOrderMSB = False
CompressedData = False
TransformMatrix = 1 0 0 0 1 0 0 0 1
Offset = -132.957 -71.0752 -69.6354
CenterOfRotation = 0 0 0
AnatomicalOrientation = RPI
ElementSpacing = 0.699999 0.364583 0.364583
DimSize = 160 384 384
ElementType = MET_UCHAR
ElementDataFile = 9013161.segmentation_masks.raw
