ObjectType = Image
NDims = 3
BinaryData = True
BinaryDataByteOrderMSB = False
CompressedData = False
TransformMatrix = 1 0 0 0 1 0 0 0 1
Offset = -125.995 -69.8373 -79.3206
CenterOfRotation = 0 0 0
AnatomicalOrientation = RPI
ElementSpacing = 0.699998 0.364583 0.364583
DimSize = 160 384 384
ElementType = MET_UCHAR
ElementDataFile = 9015718.segmentation_masks.raw
