ObjectType = Image
NDims = 3
BinaryData = True
BinaryDataByteOrderMSB = False
CompressedData = False
TransformMatrix = 1 0 0 0 1 0 0 0 1
Offset = -119.524 -78.7167 -97.2383
CenterOfRotation = 0 0 0
AnatomicalOrientation = RPI
ElementSpacing = 0.699999 0.364583 0.364583
DimSize = 160 384 384
ElementType = MET_UCHAR
ElementDataFile = 9016403.segmentation_masks.raw
