ObjectType = Image
NDims = 3
BinaryData = True
BinaryDataByteOrderMSB = False
CompressedData = False
TransformMatrix = 1 0 0 0 1 0 0 0 1
Offset = -111.831 -71.4153 -69.6354
CenterOfRotation = 0 0 0
AnatomicalOrientation = RPI
ElementSpacing = 0.699997 0.364584 0.364583
DimSize = 160 384 384
ElementType = MET_UCHAR
ElementDataFile = 9017909.segmentation_masks.raw
