ObjectType = Image
NDims = 3
BinaryData = True
BinaryDataByteOrderMSB = False
CompressedData = False
TransformMatrix = 1 0 0 0 1 0 0 0 1
Offset = -102.887 -54.3453 -69.0548
CenterOfRotation = 0 0 0
AnatomicalOrientation = RPI
ElementSpacing = 0.7 0.364583 0.364584
DimSize = 160 384 384
ElementType = MET_UCHAR
ElementDataFile = 9047539.segmentation_masks.raw
