ObjectType = Image
NDims = 3
BinaryData = True
BinaryDataByteOrderMSB = False
CompressedData = False
TransformMatrix = 1 0 0 0 1 0 0 0 1
Offset = -120.903 -76.663 -85.1318
CenterOfRotation = 0 0 0
AnatomicalOrientation = RPI
ElementSpacing = 0.700002 0.364583 0.364583
DimSize = 160 384 384
ElementType = MET_UCHAR
ElementDataFile = 9049185.segmentation_masks.raw
