ObjectType = Image
NDims = 3
BinaryData = True
BinaryDataByteOrderMSB = False
CompressedData = False
TransformMatrix = 1 0 0 0 1 0 0 0 1
Offset = -145.116 -91.1909 -73.9938
CenterOfRotation = 0 0 0
AnatomicalOrientation = RPI
ElementSpacing = 0.700002 0.364584 0.364583
DimSize = 160 384 384
ElementType = MET_UCHAR
ElementDataFile = 9052956.segmentation_masks.raw
