ObjectType = Image
NDims = 3
BinaryData = True
BinaryDataByteOrderMSB = False
CompressedData = False
TransformMatrix = 1 0 0 0 1 0 0 0 1
Offset = -132.81 -67.5435 -51.7178
CenterOfRotation = 0 0 0
AnatomicalOrientation = RPI
ElementSpacing = 0.700001 0.364583 0.364584
DimSize = 160 384 384
ElementType = MET_UCHAR
ElementDataFile = 9057417.segmentation_masks.raw
