ObjectType = Image
NDims = 3
BinaryData = True
BinaryDataByteOrderMSB = False
CompressedData = False
TransformMatrix = 1 0 0 0 1 0 0 0 1
Offset = -108.29 -60.9169 -80.2892
CenterOfRotation = 0 0 0
AnatomicalOrientation = RPI
ElementSpacing = 0.699998 0.364584 0.364583
DimSize = 160 384 384
ElementType = MET_UCHAR
ElementDataFile = 9065272.segmentation_masks.raw
