ObjectType = Image
NDims = 3
BinaryData = True
BinaryDataByteOrderMSB = False
CompressedData = False
TransformMatrix = 1 0 0 0 1 0 0 0 1
Offset = -137.852 -83.4427 -73.0253
CenterOfRotation = 0 0 0
AnatomicalOrientation = RPI
ElementSpacing = 0.700001 0.364583 0.364584
DimSize = 160 384 384
ElementType = MET_UCHAR
ElementDataFile = 9069761.segmentation_masks.raw
