ObjectType = Image
NDims = 3
BinaryData = True
BinaryDataByteOrderMSB = False
CompressedData = False
TransformMatrix = 1 0 0 0 1 0 0 0 1
Offset = -111.536 -70.4922 -68.6646
CenterOfRotation = 0 0 0
AnatomicalOrientation = RPI
ElementSpacing = 0.700003 0.364583 0.364584
DimSize = 160 384 384
ElementType = MET_UCHAR
ElementDataFile = 9073948.segmentation_masks.raw
