ObjectType = Image
NDims = 3
BinaryData = True
BinaryDataByteOrderMSB = False
CompressedData = False
TransformMatrix = 1 0 0 0 1 0 0 0 1
Offset = -123.804 -64.3991 -63.8243
CenterOfRotation = 0 0 0
AnatomicalOrientation = RPI
ElementSpacing = 0.699997 0.364583 0.364583
DimSize = 160 384 384
ElementType = MET_UCHAR
ElementDataFile = 9078486.segmentation_masks.raw
