ObjectType = Image
NDims = 3
BinaryData = True
BinaryDataByteOrderMSB = False
CompressedData = False
TransformMatrix = 1 0 0 0 1 0 0 0 1
Offset = -117.046 -67.3618 -58.4974
CenterOfRotation = 0 0 0
AnatomicalOrientation = RPI
ElementSpacing = 0.700003 0.364583 0.364583
DimSize = 160 384 384
ElementType = MET_UCHAR
ElementDataFile = 9080864.segmentation_masks.raw
