ObjectType = Image
NDims = 3
BinaryData = True
BinaryDataByteOrderMSB = False
CompressedData = False
TransformMatrix = 1 0 0 0 1 0 0 0 1
Offset = -98.4684 -63.3153 -55.5918
CenterOfRotation = 0 0 0
AnatomicalOrientation = RPI
ElementSpacing = 0.7 0.364584 0.364583
DimSize = 160 384 384
ElementType = MET_UCHAR
ElementDataFile = 9081306.segmentation_masks.raw
