ObjectType = Image
NDims = 3
BinaryData = True
BinaryDataByteOrderMSB = False
CompressedData = False
TransformMatrix = 1 0 0 0 1 0 0 0 1
Offset = -143.439 -66.3716 -84.1633
CenterOfRotation = 0 0 0
AnatomicalOrientation = RPI
ElementSpacing = 0.700003 0.364584 0.364584
DimSize = 160 384 384
ElementType = MET_UCHAR
ElementDataFile = 9083500.segmentation_masks.raw
