ObjectType = Image
NDims = 3
BinaryData = True
BinaryDataByteOrderMSB = False
CompressedData = False
TransformMatrix = 1 0 0 0 1 0 0 0 1
Offset = -122.43 -75.8111 -70.1197
CenterOfRotation = 0 0 0
AnatomicalOrientation = RPI
ElementSpacing = 0.700002 0.364583 0.364583
DimSize = 160 384 384
ElementType = MET_UCHAR
ElementDataFile = 9101066.segmentation_masks.raw
