ObjectType = Image
NDims = 3
BinaryData = True
BinaryDataByteOrderMSB = False
CompressedData = False
TransformMatrix = 1 0 0 0 1 0 0 0 1
Offset = -133.312 -74.3232 -75.4466
CenterOfRotation = 0 0 0
AnatomicalOrientation = RPI
ElementSpacing = 0.699997 0.364583 0.364584
DimSize = 160 384 384
ElementType = MET_UCHAR
ElementDataFile = 9108461.segmentation_masks.raw
