ObjectType = Image
NDims = 3
BinaryData = True
BinaryDataByteOrderMSB = False
CompressedData = False
TransformMatrix = 1 0 0 0 1 0 0 0 1
Offset = -119.874 -63.1313 -80.7734
CenterOfRotation = 0 0 0
AnatomicalOrientation = RPI
ElementSpacing = 0.7 0.364583 0.364583
DimSize = 160 384 384
ElementType = MET_UCHAR
ElementDataFile = 9109062.segmentation_masks.raw
