ObjectType = Image
NDims = 3
BinaryData = True
BinaryDataByteOrderMSB = False
CompressedData = False
TransformMatrix = 1 0 0 0 1 0 0 0 1
Offset = -144.719 -75.4225 -82.7105
CenterOfRotation = 0 0 0
AnatomicalOrientation = RPI
ElementSpacing = 0.7 0.364584 0.364583
DimSize = 160 384 384
ElementType = MET_UCHAR
ElementDataFile = 9131266.segmentation_masks.raw
