ObjectType = Image
NDims = 3
BinaryData = True
BinaryDataByteOrderMSB = False
CompressedData = False
TransformMatrix = 1 0 0 0 1 0 0 0 1
Offset = -136.491 -77.9737 -88.5216
CenterOfRotation = 0 0 0
AnatomicalOrientation = RPI
ElementSpacing = 0.700003 0.364583 0.364583
DimSize = 160 384 384
ElementType = MET_UCHAR
ElementDataFile = 9142030.segmentation_masks.raw
