ObjectType = Image
NDims = 3
BinaryData = True
BinaryDataByteOrderMSB = False
CompressedData = False
TransformMatrix = 1 0 0 0 1 0 0 0 1
Offset = -114.197 -76.7797 -64.3085
CenterOfRotation = 0 0 0
AnatomicalOrientation = RPI
ElementSpacing = 0.699999 0.364584 0.364583
DimSize = 160 384 384
ElementType = MET_UCHAR
ElementDataFile = 9943227.segmentation_masks.raw
