ObjectType = Image
NDims = 3
BinaryData = True
BinaryDataByteOrderMSB = False
CompressedData = False
TransformMatrix = 1 0 0 0 1 0 0 0 1
Offset = -118.156 -67.2167 -52.202
CenterOfRotation = 0 0 0
AnatomicalOrientation = RPI
ElementSpacing = 0.7 0.364584 0.364583
DimSize = 160 384 384
ElementType = MET_UCHAR
ElementDataFile = 9951449.segmentation_masks.raw
