ObjectType = Image
NDims = 3
BinaryData = True
BinaryDataByteOrderMSB = False
CompressedData = False
TransformMatrix = 1 0 0 0 1 0 0 0 1
Offset = -126.169 -64.0999 -69.6354
CenterOfRotation = 0 0 0
AnatomicalOrientation = RPI
ElementSpacing = 0.699997 0.364584 0.364583
DimSize = 160 384 384
ElementType = MET_UCHAR
ElementDataFile = 9973322.segmentation_masks.raw
