ObjectType = Image
NDims = 3
BinaryData = True
BinaryDataByteOrderMSB = False
CompressedData = False
TransformMatrix = 1 0 0 0 1 0 0 0 1
Offset = -114.777 -78.0541 -60.4345
CenterOfRotation = 0 0 0
AnatomicalOrientation = RPI
ElementSpacing = 0.700002 0.364584 0.364584
DimSize = 160 384 384
ElementType = MET_UCHAR
ElementDataFile = 9987407.segmentation_masks.raw
