ObjectType = Image
NDims = 3
BinaryData = True
BinaryDataByteOrderMSB = False
CompressedData = False
TransformMatrix = 1 0 0 0 1 0 0 0 1
Offset = -102.689 -59.1667 -62.3715
CenterOfRotation = 0 0 0
AnatomicalOrientation = RPI
ElementSpacing = 0.699999 0.364583 0.364583
DimSize = 160 384 384
ElementType = MET_UCHAR
ElementDataFile = 9995338.segmentation_masks.raw
