ObjectType = Image
NDims = 3
BinaryData = True
BinaryDataByteOrderMSB = False
CompressedData = False
TransformMatrix = 1 0 0 0 1 0 0 0 1
Offset = 44.5284 33.201 -109.689
CenterOfRotation = 0 0 0
AnatomicalOrientation = RAI
ElementSpacing = 0.3906 0.3906 1
DimSize = 269 337 100
ElementType = MET_SHORT
ElementDataFile = image-007.raw
