ObjectType = Image
NDims = 3
BinaryData = True
BinaryDataByteOrderMSB = False
CompressedData = False
TransformMatrix = 1 0 0 0 1 0 0 0 1
Offset = 35.5446 27.342 -0.125265
CenterOfRotation = 0 0 0
AnatomicalOrientation = RAI
ElementSpacing = 0.3906 0.3906 1
DimSize = 270 396 112
ElementType = MET_SHORT
ElementDataFile = image-003.raw
