ObjectType = Image
NDims = 3
BinaryData = True
BinaryDataByteOrderMSB = False
CompressedData = False
TransformMatrix = 1 0 0 0 1 0 0 0 1
Offset = 46.872 29.6856 -4.08034
CenterOfRotation = 0 0 0
AnatomicalOrientation = RAI
ElementSpacing = 0.3906 0.3906 1
DimSize = 264 349 96
ElementType = MET_SHORT
ElementDataFile = image-006.raw
