ObjectType = Image
NDims = 3
BinaryData = True
BinaryDataByteOrderMSB = False
CompressedData = False
TransformMatrix = 1 0 0 0 1 0 0 0 1
Offset = 39.4506 30.8574 -163.513
CenterOfRotation = 0 0 0
AnatomicalOrientation = RAI
ElementSpacing = 0.3906 0.3906 1
DimSize = 281 335 104
ElementType = MET_SHORT
ElementDataFile = image-005.raw
