ObjectType = Image
NDims = 3
BinaryData = True
BinaryDataByteOrderMSB = False
CompressedData = False
TransformMatrix = 1 0 0 0 1 0 0 0 1
Offset = 44.1378 33.5916 45.1903
CenterOfRotation = 0 0 0
AnatomicalOrientation = RAI
ElementSpacing = 0.3906 0.3906 1
DimSize = 302 335 104
ElementType = MET_SHORT
ElementDataFile = image-002.raw
