ObjectType = Image
NDims = 3
BinaryData = True
BinaryDataByteOrderMSB = False
CompressedData = False
TransformMatrix = 1 0 0 0 1 0 0 0 1
Offset = -136.971 -69.1271 -85.1318
CenterOfRotation = 0 0 0
AnatomicalOrientation = RPI
ElementSpacing = 0.700001 0.364584 0.364583
DimSize = 160 384 384
ElementType = MET_UCHAR
ElementDataFile = 9144760.segmentation_masks.raw
