ObjectType = Image
NDims = 3
BinaryData = True
BinaryDataByteOrderMSB = False
CompressedData = False
TransformMatrix = 1 0 0 0 1 0 0 0 1
Offset = -109.438 -67.2792 -52.202
CenterOfRotation = 0 0 0
AnatomicalOrientation = RPI
ElementSpacing = 0.700001 0.364584 0.364583
DimSize = 160 384 384
ElementType = MET_UCHAR
ElementDataFile = 9145695.segmentation_masks.raw
